GEM
  remote: https://rubygems.org/
  specs:
    actioncable (7.0.7.2)
      actionpack (= 7.0.7.2)
      activesupport (= 7.0.7.2)
      nio4r (~> 2.0)
      websocket-driver (>= 0.6.1)
    actionmailbox (7.0.7.2)
      actionpack (= 7.0.7.2)
      activejob (= 7.0.7.2)
      activerecord (= 7.0.7.2)
      activestorage (= 7.0.7.2)
      activesupport (= 7.0.7.2)
      mail (>= 2.7.1)
      net-imap
      net-pop
      net-smtp
    actionmailer (7.0.7.2)
      actionpack (= 7.0.7.2)
      actionview (= 7.0.7.2)
      activejob (= 7.0.7.2)
      activesupport (= 7.0.7.2)
      mail (~> 2.5, >= 2.5.4)
      net-imap
      net-pop
      net-smtp
      rails-dom-testing (~> 2.0)
    actionpack (7.0.7.2)
      actionview (= 7.0.7.2)
      activesupport (= 7.0.7.2)
      rack (~> 2.0, >= 2.2.4)
      rack-test (>= 0.6.3)
      rails-dom-testing (~> 2.0)
      rails-html-sanitizer (~> 1.0, >= 1.2.0)
    actiontext (7.0.7.2)
      actionpack (= 7.0.7.2)
      activerecord (= 7.0.7.2)
      activestorage (= 7.0.7.2)
      activesupport (= 7.0.7.2)
      globalid (>= 0.6.0)
      nokogiri (>= 1.8.5)
    actionview (7.0.7.2)
      activesupport (= 7.0.7.2)
      builder (~> 3.1)
      erubi (~> 1.4)
      rails-dom-testing (~> 2.0)
      rails-html-sanitizer (~> 1.1, >= 1.2.0)
    activejob (7.0.7.2)
      activesupport (= 7.0.7.2)
      globalid (>= 0.3.6)
    activemodel (7.0.7.2)
      activesupport (= 7.0.7.2)
    activerecord (7.0.7.2)
      activemodel (= 7.0.7.2)
      activesupport (= 7.0.7.2)
    activestorage (7.0.7.2)
      actionpack (= 7.0.7.2)
      activejob (= 7.0.7.2)
      activerecord (= 7.0.7.2)
      activesupport (= 7.0.7.2)
      marcel (~> 1.0)
      mini_mime (>= 1.1.0)
    activesupport (7.0.7.2)
      concurrent-ruby (~> 1.0, >= 1.0.2)
      i18n (>= 1.6, < 2)
      minitest (>= 5.1)
      tzinfo (~> 2.0)
    annotate (3.2.0)
      activerecord (>= 3.2, < 8.0)
      rake (>= 10.4, < 14.0)
    apollo_upload_server (2.1.5)
      actionpack (>= 6.1.6)
      graphql (>= 1.8)
    ar_lazy_preload (2.0.0)
    ast (2.4.2)
    base64 (0.1.1)
    bcrypt (3.1.19)
    bootsnap (1.16.0)
      msgpack (~> 1.2)
    brakeman (6.0.1)
    builder (3.2.4)
    bullet (7.0.7)
      activesupport (>= 3.0.0)
      uniform_notifier (~> 1.11)
    childprocess (4.1.0)
    choice (0.2.0)
    concurrent-ruby (1.2.2)
    connection_pool (2.4.1)
    crass (1.0.6)
    date (3.3.3)
    date_validator (0.12.0)
      activemodel (>= 3)
      activesupport (>= 3)
    debug (1.8.0)
      irb (>= 1.5.0)
      reline (>= 0.3.1)
    devise (4.9.2)
      bcrypt (~> 3.0)
      orm_adapter (~> 0.1)
      railties (>= 4.1.0)
      responders
      warden (~> 1.2.3)
    diff-lcs (1.5.0)
    docile (1.4.0)
    dotenv (2.8.1)
    dotenv-rails (2.8.1)
      dotenv (= 2.8.1)
      railties (>= 3.2)
    erubi (1.12.0)
    factory_bot (6.2.1)
      activesupport (>= 5.0.0)
    factory_bot_rails (6.2.0)
      factory_bot (~> 6.2.0)
      railties (>= 5.0.0)
    faker (3.2.1)
      i18n (>= 1.8.11, < 2)
    ffi (1.15.5)
    globalid (1.2.1)
      activesupport (>= 6.1)
    graphiql-rails (1.9.0)
      railties
      sprockets-rails
    graphql (2.1.0)
    i18n (1.14.1)
      concurrent-ruby (~> 1.0)
    iniparse (1.5.0)
    io-console (0.6.0)
    irb (1.8.1)
      rdoc
      reline (>= 0.3.8)
    json (2.6.3)
    language_server-protocol (3.17.0.3)
    listen (3.0.8)
      rb-fsevent (~> 0.9, >= 0.9.4)
      rb-inotify (~> 0.9, >= 0.9.7)
    loofah (2.21.3)
      crass (~> 1.0.2)
      nokogiri (>= 1.12.0)
    mail (2.8.1)
      mini_mime (>= 0.1.1)
      net-imap
      net-pop
      net-smtp
    marcel (1.0.2)
    method_source (1.0.0)
    mini_mime (1.1.5)
    mini_portile2 (2.8.4)
    minitest (5.19.0)
    msgpack (1.7.2)
    net-imap (0.3.7)
      date
      net-protocol
    net-pop (0.1.2)
      net-protocol
    net-protocol (0.2.1)
      timeout
    net-smtp (0.3.3)
      net-protocol
    nio4r (2.7.0)
    nokogiri (1.15.4)
      mini_portile2 (~> 2.8.2)
      racc (~> 1.4)
    oj (3.16.1)
    orm_adapter (0.5.0)
    overcommit (0.60.0)
      childprocess (>= 0.6.3, < 5)
      iniparse (~> 1.4)
      rexml (~> 3.2)
    parallel (1.23.0)
    parser (3.2.2.3)
      ast (~> 2.4.1)
      racc
    pg (1.5.4)
    psych (5.1.0)
      stringio
    puma (6.4.2)
      nio4r (~> 2.0)
    pundit (2.3.1)
      activesupport (>= 3.0.0)
    racc (1.7.1)
    rack (2.2.8)
    rack-attack (6.7.0)
      rack (>= 1.0, < 4)
    rack-cors (2.0.1)
      rack (>= 2.0.0)
    rack-test (2.1.0)
      rack (>= 1.3)
    rails (7.0.7.2)
      actioncable (= 7.0.7.2)
      actionmailbox (= 7.0.7.2)
      actionmailer (= 7.0.7.2)
      actionpack (= 7.0.7.2)
      actiontext (= 7.0.7.2)
      actionview (= 7.0.7.2)
      activejob (= 7.0.7.2)
      activemodel (= 7.0.7.2)
      activerecord (= 7.0.7.2)
      activestorage (= 7.0.7.2)
      activesupport (= 7.0.7.2)
      bundler (>= 1.15.0)
      railties (= 7.0.7.2)
    rails-dom-testing (2.2.0)
      activesupport (>= 5.0.0)
      minitest
      nokogiri (>= 1.6)
    rails-erd (1.7.2)
      activerecord (>= 4.2)
      activesupport (>= 4.2)
      choice (~> 0.2.0)
      ruby-graphviz (~> 1.2)
    rails-html-sanitizer (1.6.0)
      loofah (~> 2.21)
      nokogiri (~> 1.14)
    railties (7.0.7.2)
      actionpack (= 7.0.7.2)
      activesupport (= 7.0.7.2)
      method_source
      rake (>= 12.2)
      thor (~> 1.0)
      zeitwerk (~> 2.5)
    rainbow (3.1.1)
    rake (13.0.6)
    rb-fsevent (0.11.2)
    rb-inotify (0.10.1)
      ffi (~> 1.0)
    rdoc (6.5.0)
      psych (>= 4.0.0)
    redis (5.0.7)
      redis-client (>= 0.9.0)
    redis-client (0.16.0)
      connection_pool
    regexp_parser (2.8.1)
    reline (0.3.8)
      io-console (~> 0.5)
    responders (3.1.0)
      actionpack (>= 5.2)
      railties (>= 5.2)
    rexml (3.2.6)
    rspec (3.12.0)
      rspec-core (~> 3.12.0)
      rspec-expectations (~> 3.12.0)
      rspec-mocks (~> 3.12.0)
    rspec-core (3.12.2)
      rspec-support (~> 3.12.0)
    rspec-expectations (3.12.3)
      diff-lcs (>= 1.2.0, < 2.0)
      rspec-support (~> 3.12.0)
    rspec-graphql_response (0.5.0)
      graphql (>= 1.0)
      rspec (>= 3.0)
    rspec-mocks (3.12.6)
      diff-lcs (>= 1.2.0, < 2.0)
      rspec-support (~> 3.12.0)
    rspec-rails (6.0.3)
      actionpack (>= 6.1)
      activesupport (>= 6.1)
      railties (>= 6.1)
      rspec-core (~> 3.12)
      rspec-expectations (~> 3.12)
      rspec-mocks (~> 3.12)
      rspec-support (~> 3.12)
    rspec-support (3.12.1)
    rubocop (1.56.2)
      base64 (~> 0.1.1)
      json (~> 2.3)
      language_server-protocol (>= 3.17.0)
      parallel (~> 1.10)
      parser (>= 3.2.2.3)
      rainbow (>= 2.2.2, < 4.0)
      regexp_parser (>= 1.8, < 3.0)
      rexml (>= 3.2.5, < 4.0)
      rubocop-ast (>= 1.28.1, < 2.0)
      ruby-progressbar (~> 1.7)
      unicode-display_width (>= 2.4.0, < 3.0)
    rubocop-ast (1.29.0)
      parser (>= 3.2.1.0)
    rubocop-capybara (2.18.0)
      rubocop (~> 1.41)
    rubocop-factory_bot (2.23.1)
      rubocop (~> 1.33)
    rubocop-performance (1.19.0)
      rubocop (>= 1.7.0, < 2.0)
      rubocop-ast (>= 0.4.0)
    rubocop-rails (2.20.2)
      activesupport (>= 4.2.0)
      rack (>= 1.1)
      rubocop (>= 1.33.0, < 2.0)
    rubocop-rspec (2.23.2)
      rubocop (~> 1.33)
      rubocop-capybara (~> 2.17)
      rubocop-factory_bot (~> 2.22)
    ruby-graphviz (1.2.5)
      rexml
    ruby-progressbar (1.13.0)
    simplecov (0.22.0)
      docile (~> 1.1)
      simplecov-html (~> 0.11)
      simplecov_json_formatter (~> 0.1)
    simplecov-html (0.12.3)
    simplecov_json_formatter (0.1.4)
    spring (2.1.1)
    spring-watcher-listen (2.0.1)
      listen (>= 2.7, < 4.0)
      spring (>= 1.2, < 3.0)
    sprockets (4.2.1)
      concurrent-ruby (~> 1.0)
      rack (>= 2.2.4, < 4)
    sprockets-rails (3.4.2)
      actionpack (>= 5.2)
      activesupport (>= 5.2)
      sprockets (>= 3.0.0)
    stringio (3.0.8)
    thor (1.2.2)
    timeout (0.4.0)
    tzinfo (2.0.6)
      concurrent-ruby (~> 1.0)
    unicode-display_width (2.4.2)
    uniform_notifier (1.16.0)
    warden (1.2.9)
      rack (>= 2.0.9)
    websocket-driver (0.7.6)
      websocket-extensions (>= 0.1.0)
    websocket-extensions (0.1.5)
    zeitwerk (2.6.11)

PLATFORMS
  ruby

DEPENDENCIES
  annotate
  apollo_upload_server
  ar_lazy_preload
  bootsnap
  brakeman
  bullet
  date_validator
  debug
  devise
  dotenv-rails
  factory_bot_rails
  faker
  graphiql-rails
  graphql
  listen (~> 3.0.5)
  oj
  overcommit
  pg
  puma
  pundit
  rack-attack
  rack-cors
  rails
  rails-erd
  redis
  rspec-graphql_response
  rspec-rails
  rubocop
  rubocop-performance
  rubocop-rails
  rubocop-rspec
  simplecov
  spring
  spring-watcher-listen (~> 2.0.0)

RUBY VERSION
   ruby 3.1.1p18

BUNDLED WITH
   2.3.10
